GEM
  remote: https://rubygems.org/
  specs:
    coderay (1.1.2)
    google-protobuf (3.6.1)
    googleapis-common-protos-types (1.0.2)
      google-protobuf (~> 3.0)
    grpc (1.18.0)
      google-protobuf (~> 3.1)
      googleapis-common-protos-types (~> 1.0.0)
    grpc-tools (1.18.0)
    little-plugger (1.1.4)
    logger (1.3.0)
    logging (2.2.2)
      little-plugger (~> 1.1)
      multi_json (~> 1.10)
    method_source (0.9.2)
    multi_json (1.13.1)
    pry (0.12.2)
      coderay (~> 1.1.0)
      method_source (~> 0.9.0)
    pry-doc (1.0.0)
      pry (~> 0.11)
      yard (~> 0.9.11)
    yard (0.9.18)

PLATFORMS
  ruby

DEPENDENCIES
  grpc
  grpc-tools
  logger
  logging
  pry
  pry-doc

BUNDLED WITH
   1.17.1
